GEM
  remote: https://rubygems.org/
  specs:
    activemodel (4.2.7)
      activesupport (= 4.2.7)
      builder (~> 3.1)
    activesupport (4.2.7)
      i18n (~> 0.7)
      json (~> 1.7, >= 1.7.7)
      minitest (~> 5.1)
      thread_safe (~> 0.3, >= 0.3.4)
      tzinfo (~> 1.1)
    builder (3.2.2)
    dotenv (2.1.1)
    eventmachine (1.2.0.1)
    faraday (0.9.2)
      multipart-post (>= 1.2, < 3)
    faraday_middleware (0.10.0)
      faraday (>= 0.7.4, < 0.10)
    faye-websocket (0.10.4)
      eventmachine (>= 0.12.0)
      websocket-driver (>= 0.5.1)
    her (0.7.6)
      activemodel (>= 3.0.0, <= 4.3.0)
      activesupport (>= 3.0.0, <= 4.3.0)
      faraday (>= 0.8, < 1.0)
      multi_json (~> 1.7)
    i18n (0.7.0)
    json (1.8.3)
    minitest (5.9.0)
    multi_json (1.12.1)
    multipart-post (2.0.0)
    rancher-api (0.3.8)
      faraday_middleware
      faye-websocket
      her (~> 0.7.6)
    thread_safe (0.3.5)
    tzinfo (1.2.2)
      thread_safe (~> 0.1)
    websocket-driver (0.6.4)
      websocket-extensions (>= 0.1.0)
    websocket-extensions (0.1.2)

PLATFORMS
  ruby

DEPENDENCIES
  dotenv (= 2.1.1)
  rancher-api (= 0.3.8)

BUNDLED WITH
   1.12.5
